GIT
  remote: https://github.com/hokaccha/mysql2-query-logger
  revision: ec10043d0b0d1726749113b6e3f04eb96eaf6ac8
  specs:
    mysql2-query-logger (1.0.0)

GIT
  remote: https://github.com/osyoyu/stackprof
  revision: 605f56165bb2ebcc425fca386587d5fe8a174911
  specs:
    stackprof (0.2.12)

GIT
  remote: https://github.com/sinatra/sinatra
  revision: 49fc62e8216c6811e4b6cfbeddd47b80edb10960
  specs:
    rack-protection (2.1.0)
      rack
    sinatra (2.1.0)
      mustermann (~> 1.0)
      rack (~> 2.2)
      rack-protection (= 2.1.0)
      tilt (~> 2.0)
    sinatra-contrib (2.1.0)
      multi_json
      mustermann (~> 1.0)
      rack-protection (= 2.1.0)
      sinatra (= 2.1.0)
      tilt (~> 2.0)

GEM
  remote: https://rubygems.org/
  specs:
    bcrypt (3.1.13)
    coderay (1.1.3)
    debugger-ruby_core_source (1.3.8)
    ethon (0.12.0)
      ffi (>= 1.3.0)
    ffi (1.13.1)
    hiredis (0.6.3)
    method_source (1.0.0)
    multi_json (1.15.0)
    mustermann (1.1.1)
      ruby2_keywords (~> 0.0.1)
    mysql2 (0.5.3)
    mysql2-cs-bind (0.0.7)
      mysql2
    nio4r (2.5.2)
    pry (0.13.1)
      coderay (~> 1.1)
      method_source (~> 1.0)
    puma (4.3.5)
      nio4r (~> 2.0)
    rack (2.2.3)
    rack-lineprof (0.0.4)
      rack (>= 1.5)
      rblineprof (~> 0.3.6)
      term-ansicolor (~> 1.3)
    rblineprof (0.3.7)
      debugger-ruby_core_source (~> 1.3)
    redis (4.2.1)
    ruby2_keywords (0.0.2)
    sync (0.5.0)
    term-ansicolor (1.7.1)
      tins (~> 1.0)
    tilt (2.0.10)
    tins (1.25.0)
      sync
    typhoeus (1.4.0)
      ethon (>= 0.9.0)

PLATFORMS
  ruby

DEPENDENCIES
  bcrypt
  hiredis
  mysql2
  mysql2-cs-bind
  mysql2-query-logger!
  pry
  puma
  rack-lineprof
  redis
  sinatra!
  sinatra-contrib
  stackprof!
  typhoeus

BUNDLED WITH
   2.1.4
